GEM
  remote: http://gemcutter.org/
  specs:
    changelog (0.8)

PLATFORMS
  ruby

DEPENDENCIES
  changelog
